GIT
  remote: https://github.com/TwP/turn
  revision: 16e21e373402ae0d28253a3ed5b3fa0dc5566ca8
  specs:
    turn (0.8.2.1)
      ansi (>= 1.2.2)

GIT
  remote: https://github.com/halorgium/boo_hiss
  revision: 151be0dea0030ba221d8e13e3e6cc17ff9c9d041
  specs:
    boo_hiss (0.0.1)
      ruby2ruby (>= 1.2.1)
      term-ansicolor (>= 1.0.3)

GEM
  remote: http://rubygems.org/
  specs:
    ZenTest (4.6.2)
    activesupport (3.1.0)
      multi_json (~> 1.0)
    allison (2.0.3)
    ansi (1.3.0)
    builder (3.0.0)
    chronic (0.6.4)
    colorize (0.5.8)
    echoe (4.6.1)
      allison (>= 2.0.3)
      gemcutter (>= 0.7.0)
      rake (>= 0.9.2)
      rdoc (>= 3.6.1)
      rubyforge (>= 2.0.4)
    gemcutter (0.7.0)
    httparty (0.8.0)
      multi_json
      multi_xml
    i18n (0.6.0)
    json_pure (1.6.0)
    metaclass (0.0.1)
    mocha (0.10.0)
      metaclass (~> 0.0.1)
    multi_json (1.0.3)
    multi_xml (0.4.0)
    nokogiri (1.5.0)
    rake (0.9.2)
    rdoc (3.9.4)
    ruby2ruby (1.3.0)
      ruby_parser (~> 2.0)
      sexp_processor (~> 3.0)
    ruby_parser (2.3.0)
      sexp_processor (~> 3.0)
    rubyforge (2.0.4)
      json_pure (>= 1.1.7)
    sexp_processor (3.0.6)
    shoulda (2.11.3)
    simplecov (0.5.3)
      multi_json (~> 1.0.3)
      simplecov-html (~> 0.5.3)
    simplecov-html (0.5.3)
    term-ansicolor (1.0.6)
    whenever (0.7.0)
      activesupport (>= 2.3.4)
      chronic (~> 0.6.3)
    wirble (0.1.3)

PLATFORMS
  ruby

DEPENDENCIES
  ZenTest
  activesupport
  ansi
  boo_hiss!
  builder
  colorize
  echoe
  httparty
  i18n
  mocha
  nokogiri
  rake
  shoulda
  simplecov
  turn!
  whenever
  wirble
