GEM
  remote: http://rubygems.org/
  specs:
    ZenTest (4.6.2)
    activesupport (3.1.0)
      multi_json (~> 1.0)
    ansi (1.3.0)
    chronic (0.6.4)
    httparty (0.8.0)
      multi_json
      multi_xml
    metaclass (0.0.1)
    minitest (2.6.0)
    mocha (0.10.0)
      metaclass (~> 0.0.1)
    multi_json (1.0.3)
    multi_xml (0.4.0)
    rr (1.0.4)
    shoulda (2.11.3)
    turn (0.8.2)
      ansi (>= 1.2.2)
    whenever (0.7.0)
      activesupport (>= 2.3.4)
      chronic (~> 0.6.3)
    wirble (0.1.3)

PLATFORMS
  ruby

DEPENDENCIES
  ZenTest
  httparty
  minitest
  mocha
  rr
  shoulda
  turn
  whenever
  wirble
